GEM
  remote: https://rubygems.org/
  specs:
    metaclass (0.0.4)
    mocha (1.8.0)
      metaclass (~> 0.0.1)
    power_assert (1.1.3)
    rake (12.3.3)
    test-unit (3.3.0)
      power_assert

PLATFORMS
  ruby

DEPENDENCIES
  mocha
  rake
  test-unit

BUNDLED WITH
   2.0.1
